GIT
  remote: git@github.com:chrisroberts/kitchen-lxc.git
  revision: 9231f0229554bc551382c5c0a1fea833cd2e1daa
  specs:
    kitchen-lxc (0.1.0)
      elecksee (~> 1.0, >= 1.0.22)
      test-kitchen (~> 1.2, >= 1.2.1)

GEM
  remote: https://rubygems.org/
  specs:
    annoy (0.5.6)
      highline (>= 1.5.0)
    artifactory (2.3.2)
    childprocess (0.5.9)
      ffi (~> 1.0, >= 1.0.11)
    diff-lcs (1.2.5)
    docile (1.1.5)
    drydock (0.6.9)
    elecksee (1.1.8)
      childprocess
      rye
    faraday (0.9.2)
      multipart-post (>= 1.2, < 3)
    ffi (1.9.10)
    highline (1.7.8)
    kitchen-ansible (0.40.1)
      librarian-ansible
      test-kitchen (~> 1.4)
    librarian (0.1.2)
      highline
      thor (~> 0.15)
    librarian-ansible (3.0.0)
      faraday
      librarian (~> 0.1.0)
    mixlib-install (1.0.2)
      artifactory (>= 2.3.0)
      mixlib-shellout (>= 2.2.6)
      mixlib-versioning (>= 1.1.0)
    mixlib-shellout (2.2.6)
    mixlib-versioning (1.1.0)
    multi_json (1.11.2)
    multipart-post (2.0.0)
    net-scp (1.2.1)
      net-ssh (>= 2.6.5)
    net-ssh (3.1.1)
    net-telnet (0.1.1)
    rspec (3.4.0)
      rspec-core (~> 3.4.0)
      rspec-expectations (~> 3.4.0)
      rspec-mocks (~> 3.4.0)
    rspec-core (3.4.4)
      rspec-support (~> 3.4.0)
    rspec-expectations (3.4.0)
      diff-lcs (>= 1.2.0, < 2.0)
      rspec-support (~> 3.4.0)
    rspec-its (1.2.0)
      rspec-core (>= 3.0.0)
      rspec-expectations (>= 3.0.0)
    rspec-mocks (3.4.1)
      diff-lcs (>= 1.2.0, < 2.0)
      rspec-support (~> 3.4.0)
    rspec-support (3.4.1)
    rye (0.9.13)
      annoy
      docile (>= 1.0.1)
      highline (>= 1.5.1)
      net-scp (>= 1.0.2)
      net-ssh (>= 2.0.13)
      sysinfo (>= 0.8.1)
    safe_yaml (1.0.4)
    serverspec (2.31.1)
      multi_json
      rspec (~> 3.0)
      rspec-its
      specinfra (~> 2.53)
    sfl (2.2)
    specinfra (2.56.0)
      net-scp
      net-ssh (>= 2.7, < 4.0)
      net-telnet
      sfl
    storable (0.8.9)
    sysinfo (0.8.1)
      drydock
      storable
    test-kitchen (1.7.1)
      mixlib-install (~> 1.0, >= 1.0.2)
      mixlib-shellout (>= 1.2, < 3.0)
      net-scp (~> 1.1)
      net-ssh (>= 2.9, < 4.0)
      safe_yaml (~> 1.0)
      thor (~> 0.18)
    thor (0.19.1)

PLATFORMS
  ruby

DEPENDENCIES
  kitchen-ansible
  kitchen-lxc!
  serverspec
  test-kitchen

BUNDLED WITH
   1.11.2
